GIT
  remote: git://github.com/amancevice/food-trucks-engine
  revision: 0cf9a5abea47fd08cc6bdeecea3b6b2da2c1c90a
  branch: master
  specs:
    engine (0.0.1)
      chronic (~> 0.10)
      geocoder (~> 1.2)
      oga (~> 2.0)
      sinatra (~> 1.4)
      sinatra-activerecord (~> 2.0)

GEM
  remote: https://rubygems.org/
  specs:
    activemodel (4.2.5.1)
      activesupport (= 4.2.5.1)
      builder (~> 3.1)
    activerecord (4.2.5.1)
      activemodel (= 4.2.5.1)
      activesupport (= 4.2.5.1)
      arel (~> 6.0)
    activesupport (4.2.5.1)
      i18n (~> 0.7)
      json (~> 1.7, >= 1.7.7)
      minitest (~> 5.1)
      thread_safe (~> 0.3, >= 0.3.4)
      tzinfo (~> 1.1)
    ansi (1.5.0)
    arel (6.0.3)
    arrayfields (4.9.2)
    ast (2.2.0)
    bigbertha (0.0.5)
      firebase_token_generator (~> 1.0.1)
      main (~> 5.2.0)
      map (~> 6.3.0)
      typhoeus (~> 0.6.2)
      values (~> 1.5.0)
    builder (3.2.2)
    chronic (0.10.2)
    ethon (0.8.1)
      ffi (>= 1.3.0)
    fattr (2.2.2)
    ffi (1.9.10)
    firebase_token_generator (1.0.3)
    geocoder (1.2.14)
    i18n (0.7.0)
    json (1.8.3)
    main (5.2.0)
      arrayfields (>= 4.7.4)
      chronic (>= 0.6.2)
      fattr (>= 2.2.0)
      map (>= 5.1.0)
    map (6.3.0)
    minitest (5.8.4)
    oga (2.0.0)
      ast
      ruby-ll (~> 2.1)
    pg (0.18.4)
    rack (1.6.4)
    rack-protection (1.5.3)
      rack
    rake (10.5.0)
    ruby-ll (2.1.2)
      ansi
      ast
    sinatra (1.4.7)
      rack (~> 1.5)
      rack-protection (~> 1.4)
      tilt (>= 1.3, < 3)
    sinatra-activerecord (2.0.9)
      activerecord (>= 3.2)
      sinatra (~> 1.0)
    sqlite3 (1.3.11)
    thread_safe (0.3.5)
    tilt (2.0.2)
    typhoeus (0.6.9)
      ethon (>= 0.7.1)
    tzinfo (1.2.2)
      thread_safe (~> 0.1)
    values (1.5.0)

PLATFORMS
  ruby

DEPENDENCIES
  bigbertha
  engine!
  pg
  rake
  sinatra-activerecord
  sqlite3

BUNDLED WITH
   1.11.2
